PATH
  remote: .
  specs:
    rubocop-shopify (2.15.1)
      rubocop (~> 1.51)

GEM
  remote: https://rubygems.org/
  specs:
    ast (2.4.2)
    base64 (0.2.0)
    byebug (11.1.3)
    coderay (1.1.3)
    diffy (3.4.2)
    json (2.7.2)
    language_server-protocol (3.17.0.3)
    method_source (1.0.0)
    minitest (5.22.3)
    parallel (1.24.0)
    parser (3.3.1.0)
      ast (~> 2.4.1)
      racc
    pry (0.14.2)
      coderay (~> 1.1)
      method_source (~> 1.0)
    pry-byebug (3.10.1)
      byebug (~> 11.0)
      pry (>= 0.13, < 0.15)
    racc (1.7.3)
    rainbow (3.1.1)
    rake (13.2.1)
    regexp_parser (2.9.0)
    rexml (3.2.6)
    rubocop (1.63.4)
      json (~> 2.3)
      language_server-protocol (>= 3.17.0)
      parallel (~> 1.10)
      parser (>= 3.3.0.2)
      rainbow (>= 2.2.2, < 4.0)
      regexp_parser (>= 1.8, < 3.0)
      rexml (>= 3.2.5, < 4.0)
      rubocop-ast (>= 1.31.1, < 2.0)
      ruby-progressbar (~> 1.7)
      unicode-display_width (>= 2.4.0, < 3.0)
    rubocop-ast (1.31.3)
      parser (>= 3.3.1.0)
    ruby-progressbar (1.13.0)
    unicode-display_width (2.5.0)

PLATFORMS
  ruby

DEPENDENCIES
  base64
  diffy
  minitest
  pry-byebug
  rake
  rubocop-shopify!

BUNDLED WITH
   2.5.3
